GIT
  remote: https://compass-ae-shared:compass1@github.com/portablemind/Master-Data-Management.git
  revision: d622352b48faf258ae294d795526dcbaab21d19f
  ref: d622352b48faf258ae294d795526dcbaab21d19f
  specs:
    master_data_management (3.1.1)
      active_shipping (= 1.1.1)
      erp_app (~> 4.1)
      erp_communication_events (~> 4.1)
      mime-types (= 1.25.1)
      oauth-plugin (= 0.5.1)
      psych (= 2.0.5)
      quickbooks-ruby (= 0.1.9)
      stripe (= 1.17.3)
      wisper (= 1.6.0)

GIT
  remote: https://compass-ae-shared:compass1@github.com/portablemind/compass_ae_business_suite.git
  revision: f982400ab9b638b7a611111fdcd478642b624528
  ref: f982400ab9b638b7a611111fdcd478642b624528
  specs:
    compass_ae_business_suite (2.1.2)
      erp_invoicing (~> 4.1)
      faye (= 1.1.2)
      fullcalendar-rails (~> 2.3.1)
      geocoder (= 1.1.6)
      google_maps_service (= 0.4.1)
      master_data_management (~> 3.1)
      pushmeup (= 0.3.0)

GIT
  remote: https://compass-ae-shared:compass1@github.com/portablemind/compass_agile_enterprise.git
  revision: 4a91df5cb9b9c855f7511af1e3e926a2369218a6
  ref: 4a91df5cb9b9c855f7511af1e3e926a2369218a6
  specs:
    compass_ae_console (3.1.0)
      erp_app (~> 4.1)
    compass_ae_sencha (2.1.0)
    erp_agreements (4.1.0)
      erp_tech_svcs (~> 4.1)
    erp_app (4.1.0)
      codemirror-rails (= 5.11)
      compass_ae_sencha (~> 2.1)
      erp_tech_svcs (~> 4.1)
      friendly_id (= 4.0.10.1)
      inflection-js-rails (= 0.1.1)
      uglifier (~> 1.3)
      will_paginate (= 3.0.3)
    erp_base_erp_svcs (4.1.0)
      attr_encrypted (~> 1.2)
      awesome_nested_set (~> 2.1)
      data_migrator (~> 2.0)
      has_many_polymorphic (~> 2.0)
      uuid (= 2.3.5)
    erp_commerce (4.1.0)
      activemerchant (= 1.49.0)
      erp_orders (~> 4.1)
    erp_communication_events (4.1.0)
      erp_tech_svcs (~> 4.1)
    erp_financial_accounting (4.1.0)
      erp_agreements (~> 4.1)
      erp_app (~> 4.1)
      erp_commerce (~> 4.1)
      erp_orders (~> 4.1)
      erp_products (~> 4.1)
      erp_txns_and_accts (~> 4.1)
    erp_inventory (4.1.0)
      erp_orders (~> 4.1)
    erp_invoicing (4.1.0)
      erp_commerce (~> 4.1)
      erp_work_effort (~> 4.1)
      knitkit (~> 3.1)
    erp_orders (4.1.0)
      erp_products (~> 4.1)
      erp_txns_and_accts (~> 4.1)
    erp_products (4.1.0)
      erp_app (~> 4.1)
    erp_rules (4.1.0)
      erp_txns_and_accts (~> 4.1)
      ruleby (~> 0.8)
    erp_tech_svcs (4.1.2)
      aasm (= 3.0.14)
      attr_encrypted (= 1.3.3)
      aws-sdk (= 1.63.0)
      chronic (= 0.10.2)
      daemons (= 1.2.3)
      delayed_job_active_record (= 0.3.3)
      encryptor (= 1.3.0)
      erp_base_erp_svcs (~> 4.1)
      httparty (~> 0.12)
      mail_alternatives_with_attachments (= 1.0.0)
      nested-hstore (= 0.0.5)
      paperclip (= 3.3.1)
      sorcery (= 0.9.1)
      wicked_pdf (= 0.11.0)
    erp_txns_and_accts (4.1.0)
      erp_agreements (~> 4.1)
    erp_work_effort (4.1.0)
      erp_inventory (~> 4.1)
      erp_tech_svcs (~> 4.1)
      savon (~> 2.5.0)
    knitkit (3.1.1)
      acts-as-taggable-on (= 2.3.3)
      bootstrap3-datetimepicker-rails (~> 4.7.14)
      erp_app (~> 4.1)
      html_truncator (= 0.2)
      kramdown (= 1.0.1)
      momentjs-rails (~> 2.8)
      nokogiri (= 1.6.1)
      routing-filter (= 0.3.1)
      rubyzip (= 0.9.9)
    rails_db_admin (3.1.1)
      erp_app (~> 4.1)

GEM
  remote: https://rubygems.org/
  specs:
    aasm (3.0.14)
    actionmailer (3.2.19)
      actionpack (= 3.2.19)
      mail (~> 2.5.4)
    actionpack (3.2.19)
      activemodel (= 3.2.19)
      activesupport (= 3.2.19)
      builder (~> 3.0.0)
      erubis (~> 2.7.0)
      journey (~> 1.0.4)
      rack (~> 1.4.5)
      rack-cache (~> 1.2)
      rack-test (~> 0.6.1)
      sprockets (~> 2.2.1)
    active_shipping (1.1.1)
      active_utils (~> 3.0.0)
      activesupport (>= 3.2, < 5.0.0)
      nokogiri (>= 1.6)
      quantified (~> 1.0.1)
    active_utils (3.0.0)
      activesupport (>= 3.2)
      i18n
    activemerchant (1.49.0)
      activesupport (>= 3.2.14, < 5.0.0)
      builder (>= 2.1.2, < 4.0.0)
      i18n (>= 0.6.9)
      nokogiri (~> 1.4)
    activemodel (3.2.19)
      activesupport (= 3.2.19)
      builder (~> 3.0.0)
    activerecord (3.2.19)
      activemodel (= 3.2.19)
      activesupport (= 3.2.19)
      arel (~> 3.0.2)
      tzinfo (~> 0.3.29)
    activerecord-postgres-hstore (0.7.8)
      activerecord (>= 3.1)
      pg-hstore (>= 1.1.5)
      rake
    activeresource (3.2.19)
      activemodel (= 3.2.19)
      activesupport (= 3.2.19)
    activesupport (3.2.19)
      i18n (~> 0.6, >= 0.6.4)
      multi_json (~> 1.0)
    acts-as-taggable-on (2.3.3)
      rails (~> 3.0)
    addressable (2.4.0)
    akami (1.2.2)
      gyoku (>= 0.4.0)
      nokogiri
    arel (3.0.3)
    attr_encrypted (1.3.3)
      encryptor (>= 1.3.0)
    awesome_nested_set (2.1.6)
      activerecord (>= 3.0.0)
    aws-sdk (1.63.0)
      aws-sdk-v1 (= 1.63.0)
    aws-sdk-v1 (1.63.0)
      json (~> 1.4)
      nokogiri (>= 1.4.4)
    bcrypt (3.1.11)
    bootstrap3-datetimepicker-rails (4.7.14)
      momentjs-rails (>= 2.8.1)
    builder (3.0.4)
    capistrano (3.2.1)
      i18n
      rake (>= 10.0.0)
      sshkit (~> 1.3)
    capistrano-bundler (1.1.4)
      capistrano (~> 3.1)
      sshkit (~> 1.2)
    capistrano-rails (1.1.2)
      capistrano (~> 3.1)
      capistrano-bundler (~> 1.1)
    capistrano-rvm (0.1.1)
      capistrano (~> 3.0)
      sshkit (~> 1.2)
    capistrano3-delayed-job (1.5.0)
      capistrano (>= 3.0.0)
    chronic (0.10.2)
    cocaine (0.4.2)
    codemirror-rails (5.11)
      railties (>= 3.0, < 5)
    coffee-rails (3.2.2)
      coffee-script (>= 2.2.0)
      railties (~> 3.2.0)
    coffee-script (2.4.1)
      coffee-script-source
      execjs
    coffee-script-source (1.9.1.1)
    colorize (0.7.7)
    cookiejar (0.3.3)
    daemons (1.2.3)
    data_migrator (2.0.1)
      rails (~> 3.2.0)
    delayed_job (3.0.5)
      activesupport (~> 3.0)
    delayed_job_active_record (0.3.3)
      activerecord (>= 2.1.0, < 4)
      delayed_job (~> 3.0)
    diff-lcs (1.2.5)
    docile (1.1.5)
    domain_name (0.5.20160310)
      unf (>= 0.0.5, < 1.0.0)
    em-http-request (1.1.2)
      addressable (>= 2.3.4)
      cookiejar
      em-socksify (>= 0.3)
      eventmachine (>= 1.0.3)
      http_parser.rb (>= 0.6.0)
    em-socksify (0.3.1)
      eventmachine (>= 1.0.0.beta.4)
    encryptor (1.3.0)
    erubis (2.7.0)
    eventmachine (1.2.0.1)
    execjs (2.6.0)
    faraday (0.9.2)
      multipart-post (>= 1.2, < 3)
    faye (1.1.2)
      cookiejar (>= 0.3.0)
      em-http-request (>= 0.3.0)
      eventmachine (>= 0.12.0)
      faye-websocket (>= 0.9.1)
      multi_json (>= 1.0.0)
      rack (>= 1.0.0)
      websocket-driver (>= 0.5.1)
    faye-websocket (0.10.3)
      eventmachine (>= 0.12.0)
      websocket-driver (>= 0.5.1)
    friendly_id (4.0.10.1)
      activerecord (>= 3.0, < 4.0)
    fullcalendar-rails (2.3.1.0)
      jquery-rails (>= 3.1.1, < 5.0.0)
      momentjs-rails (~> 2.8, >= 2.8.4)
    geocoder (1.1.6)
    google_maps_service (0.4.1)
      hurley (~> 0.1)
      multi_json (~> 1.11)
      retriable (~> 2.0)
    gyoku (1.1.1)
      builder (>= 2.1.2)
    has_many_polymorphic (2.0.4)
      rails (>= 3.0)
      rspec-rails (~> 2.7)
      simplecov (~> 0.5)
    hike (1.2.3)
    html_truncator (0.2.0)
      nokogiri (~> 1.4)
    http-cookie (1.0.2)
      domain_name (~> 0.5)
    http_parser.rb (0.6.0)
    httparty (0.13.7)
      json (~> 1.8)
      multi_xml (>= 0.5.2)
    httpi (2.1.1)
      rack
      rubyntlm (~> 0.3.2)
    hurley (0.2)
    i18n (0.7.0)
    inflection-js-rails (0.1.1)
      railties (>= 3.2.0, < 5.0)
      thor (~> 0.14)
    journey (1.0.4)
    jquery-rails (3.1.4)
      railties (>= 3.0, < 5.0)
      thor (>= 0.14, < 2.0)
    json (1.8.3)
    jwt (1.5.1)
    kramdown (1.0.1)
    macaddr (1.7.1)
      systemu (~> 2.6.2)
    mail (2.5.4)
      mime-types (~> 1.16)
      treetop (~> 1.4.8)
    mail_alternatives_with_attachments (1.0.0)
    mime-types (1.25.1)
    mini_portile (0.5.3)
    momentjs-rails (2.11.1)
      railties (>= 3.1)
    multi_json (1.11.2)
    multi_xml (0.5.5)
    multipart-post (2.0.0)
    nested-hstore (0.0.5)
      activerecord
      activerecord-postgres-hstore
      activesupport
    net-scp (1.2.1)
      net-ssh (>= 2.6.5)
    net-ssh (2.9.2)
    netrc (0.11.0)
    nokogiri (1.6.1)
      mini_portile (~> 0.5.0)
    nori (2.4.0)
    oauth (0.4.7)
    oauth-plugin (0.5.1)
      multi_json
      oauth (~> 0.4.4)
      oauth2 (>= 0.5.0)
      rack
    oauth2 (1.1.0)
      faraday (>= 0.8, < 0.10)
      jwt (~> 1.0, < 1.5.2)
      multi_json (~> 1.3)
      multi_xml (~> 0.5)
      rack (>= 1.2, < 3)
    paperclip (3.3.1)
      activemodel (>= 3.0.0)
      activerecord (>= 3.0.0)
      activesupport (>= 3.0.0)
      cocaine (~> 0.4.0)
      mime-types
    pg (0.18.3)
    pg-hstore (1.2.0)
    polyglot (0.3.5)
    psych (2.0.5)
    pushmeup (0.3.0)
      httparty
      json
    quantified (1.0.1)
    quickbooks-ruby (0.1.9)
      activemodel
      nokogiri
      oauth
      roxml
    rack (1.4.7)
    rack-cache (1.2)
      rack (>= 0.4)
    rack-ssl (1.3.4)
      rack
    rack-test (0.6.3)
      rack (>= 1.0)
    rails (3.2.19)
      actionmailer (= 3.2.19)
      actionpack (= 3.2.19)
      activerecord (= 3.2.19)
      activeresource (= 3.2.19)
      activesupport (= 3.2.19)
      bundler (~> 1.0)
      railties (= 3.2.19)
    rails-dev-tweaks (1.2.0)
      actionpack (>= 3.1)
      railties (>= 3.1)
    railties (3.2.19)
      actionpack (= 3.2.19)
      activesupport (= 3.2.19)
      rack-ssl (~> 1.3.2)
      rake (>= 0.8.7)
      rdoc (~> 3.4)
      thor (>= 0.14.6, < 2.0)
    rake (10.4.2)
    rdoc (3.12.2)
      json (~> 1.4)
    rest-client (1.8.0)
      http-cookie (>= 1.0.2, < 2.0)
      mime-types (>= 1.16, < 3.0)
      netrc (~> 0.7)
    retriable (2.1.0)
    routing-filter (0.3.1)
      actionpack
    roxml (3.3.1)
      activesupport (>= 2.3.0)
      nokogiri (>= 1.3.3)
    rspec-collection_matchers (1.1.2)
      rspec-expectations (>= 2.99.0.beta1)
    rspec-core (2.99.2)
    rspec-expectations (2.99.2)
      diff-lcs (>= 1.1.3, < 2.0)
    rspec-mocks (2.99.4)
    rspec-rails (2.99.0)
      actionpack (>= 3.0)
      activemodel (>= 3.0)
      activesupport (>= 3.0)
      railties (>= 3.0)
      rspec-collection_matchers
      rspec-core (~> 2.99.0)
      rspec-expectations (~> 2.99.0)
      rspec-mocks (~> 2.99.0)
    rubyntlm (0.3.4)
    rubyzip (0.9.9)
    ruleby (0.8)
    sass (3.4.18)
    sass-rails (3.2.6)
      railties (~> 3.2.0)
      sass (>= 3.1.10)
      tilt (~> 1.3)
    savon (2.5.0)
      akami (~> 1.2.0)
      builder (>= 2.1.2)
      gyoku (~> 1.1.0)
      httpi (~> 2.1.0)
      nokogiri (>= 1.4.0)
      nori (~> 2.4.0)
      wasabi (~> 3.3.0)
    simplecov (0.11.2)
      docile (~> 1.1.0)
      json (~> 1.8)
      simplecov-html (~> 0.10.0)
    simplecov-html (0.10.0)
    sorcery (0.9.1)
      bcrypt (~> 3.1)
      oauth (~> 0.4, >= 0.4.4)
      oauth2 (>= 0.8.0)
    sprockets (2.2.3)
      hike (~> 1.2)
      multi_json (~> 1.0)
      rack (~> 1.0)
      tilt (~> 1.1, != 1.3.0)
    sqlite3 (1.3.10)
    sshkit (1.7.1)
      colorize (>= 0.7.0)
      net-scp (>= 1.1.2)
      net-ssh (>= 2.8.0)
    stripe (1.17.3)
      json (~> 1.8.1)
      mime-types (>= 1.25, < 3.0)
      rest-client (~> 1.4)
    systemu (2.6.5)
    thor (0.19.1)
    tilt (1.4.1)
    treetop (1.4.15)
      polyglot
      polyglot (>= 0.3.1)
    turbo-sprockets-rails3 (0.3.14)
      railties (> 3.2.8, < 4.0.0)
      sprockets (>= 2.2.0)
    tzinfo (0.3.44)
    uglifier (1.3.0)
      execjs (>= 0.3.0)
      multi_json (~> 1.0, >= 1.0.2)
    unf (0.1.4)
      unf_ext
    unf_ext (0.0.7.2)
    uuid (2.3.5)
      macaddr (~> 1.0)
    wasabi (3.3.1)
      httpi (~> 2.0)
      nokogiri (>= 1.4.0)
    websocket-driver (0.6.3)
      websocket-extensions (>= 0.1.0)
    websocket-extensions (0.1.2)
    wicked_pdf (0.11.0)
      rails
    will_paginate (3.0.3)
    wisper (1.6.0)

PLATFORMS
  ruby

DEPENDENCIES
  capistrano (~> 3.2.0)
  capistrano-bundler (~> 1.1.2)
  capistrano-rails (= 1.1.2)
  capistrano-rvm (= 0.1.1)
  capistrano3-delayed-job (~> 1.0)
  coffee-rails (~> 3.2.1)
  compass_ae_business_suite!
  compass_ae_console!
  compass_ae_sencha!
  erp_agreements!
  erp_app!
  erp_base_erp_svcs!
  erp_commerce!
  erp_communication_events!
  erp_financial_accounting!
  erp_inventory!
  erp_invoicing!
  erp_orders!
  erp_products!
  erp_rules!
  erp_tech_svcs!
  erp_txns_and_accts!
  erp_work_effort!
  jquery-rails
  knitkit!
  master_data_management!
  pg
  rails (= 3.2.19)
  rails-dev-tweaks (~> 1.1)
  rails_db_admin!
  sass-rails (~> 3.2.3)
  sqlite3
  turbo-sprockets-rails3 (= 0.3.14)
  uglifier (>= 1.0.3)
